GEM
  remote: https://rubygems.org/
  specs:
    json_pure (2.6.3)
    mustermann (3.0.0)
      ruby2_keywords (~> 0.0.1)
    rack (2.2.6.4)
    rack-protection (3.0.5)
      rack
    ruby2_keywords (0.0.4)
    sinatra (3.0.5)
      mustermann (~> 3.0)
      rack (~> 2.2, >= 2.2.4)
      rack-protection (= 3.0.5)
      tilt (~> 2.0)
    tilt (2.1.0)

PLATFORMS
  ruby
  x86_64-linux

DEPENDENCIES
  json_pure (~> 2.6, >= 2.6.1)
  ruby2_keywords (= 0.0.4)
  sinatra (>= 3.0.5)

BUNDLED WITH
   2.1.4
