GEM
  remote: https://rubygems.org/
  specs:
    json_pure (2.6.2)
    mustermann (1.1.1)
      ruby2_keywords (~> 0.0.1)
    rack (2.2.3.1)
    rack-protection (2.2.0)
      rack
    ruby2_keywords (0.0.4)
    sinatra (2.2.0)
      mustermann (~> 1.0)
      rack (~> 2.2)
      rack-protection (= 2.2.0)
      tilt (~> 2.0)
    tilt (2.0.10)

PLATFORMS
  x86_64-linux

DEPENDENCIES
  json_pure (~> 2.6, >= 2.6.1)
  ruby2_keywords (= 0.0.4)
  sinatra

BUNDLED WITH
   2.4.0.dev
