GEM
  remote: https://rubygems.org/
  specs:
    base64 (0.2.0)
    json_pure (2.6.3)
    mustermann (3.0.0)
      ruby2_keywords (~> 0.0.1)
    rack (3.0.14)
    rack-protection (4.0.0)
      base64 (>= 0.1.0)
      rack (>= 3.0.0, < 4)
    rack-session (2.0.0)
      rack (>= 3.0.0)
    ruby2_keywords (0.0.4)
    sinatra (4.0.0)
      mustermann (~> 3.0)
      rack (>= 3.0.0, < 4)
      rack-protection (= 4.0.0)
      rack-session (>= 2.0.0, < 3)
      tilt (~> 2.0)
    tilt (2.3.0)

PLATFORMS
  ruby
  x86_64-linux

DEPENDENCIES
  json_pure (~> 2.6, >= 2.6.1)
  ruby2_keywords (= 0.0.4)
  sinatra (>= 4.0.0)

BUNDLED WITH
   2.4.1
